{
	"Modality": "MR",
	"MagneticFieldStrength": 3,
	"Manufacturer": "Siemens",
	"ManufacturersModelName": "Skyra",
	"InstitutionName": "UC_Davis",
	"InstitutionalDepartmentName": "Department",
	"InstitutionAddress": "Da_Vinci_Court_1629_Davis_San_Francisco_Service_US_95618",
	"DeviceSerialNumber": "45105",
	"StationName": "AWP45105",
	"BodyPartExamined": "BRAIN",
	"PatientPosition": "HFS",
	"ProcedureStepDescription": "CorinaLab_SIT",
	"SoftwareVersions": "syngo_MR_E11",
	"MRAcquisitionType": "2D",
	"SeriesDescription": "nki_soft_mb2_b1000_67dir_P>>A",
	"ProtocolName": "nki_soft_mb2_b1000_67dir_P>>A",
	"ScanningSequence": "EP",
	"SequenceVariant": "SK_SS",
	"ScanOptions": "PFP_FS",
	"SequenceName": "ep_b5#1",
	"ImageType": ["ORIGINAL", "PRIMARY", "DIFFUSION", "NONE", "MB", "ND", "MOSAIC"],
	"SeriesNumber": 14,
	"AcquisitionTime": "13:22:13.122500",
	"AcquisitionNumber": 1,
	"ImageComments": "Unaliased_MB2_PE2_LB",
	"ConversionComments": "y",
	"SliceThickness": 2,
	"SpacingBetweenSlices": 2,
	"SAR": 0.112115,
	"EchoTime": 0.084,
	"RepetitionTime": 4.52,
	"FlipAngle": 90,
	"PartialFourier": 0.75,
	"BaseResolution": 106,
	"ShimSetting": [
		-1095,
		12148,
		10089,
		137,
		861,
		439,
		37,
		403	],
	"TxRefAmp": 299.272,
	"PhaseResolution": 1,
	"ReceiveCoilName": "Head_32",
	"ReceiveCoilActiveElements": "HEA;HEP",
	"PulseSequenceDetails": "%CustomerSeq%_cmrr_mbep2d_diff",
	"ConsistencyInfo": "N4_VE11C_LATEST_20160120",
	"MultibandAccelerationFactor": 2,
	"PercentPhaseFOV": 100,
	"EchoTrainLength": 80,
	"PhaseEncodingSteps": 80,
	"AcquisitionMatrixPE": 106,
	"ReconMatrixPE": 106,
	"BandwidthPerPixelPhaseEncode": 13.672,
	"EffectiveEchoSpacing": 0.000690021,
	"DerivedVendorReportedEchoSpacing": 0.000690021,
	"TotalReadoutTime": 0.0724522,
	"PixelBandwidth": 1815,
	"DwellTime": 2.6e-06,
	"PhaseEncodingDirection": "j",
	"SliceTiming": [
		0,
		2.11,
		4.22,
		1.8275,
		3.9375,
		1.5475,
		3.6575,
		1.265,
		3.375,
		0.985,
		3.095,
		0.7025,
		2.8125,
		0.4225,
		2.5325,
		0.14,
		2.25,
		4.36,
		1.97,
		4.0775,
		1.6875,
		3.7975,
		1.4075,
		3.515,
		1.125,
		3.235,
		0.845,
		2.9525,
		0.5625,
		2.6725,
		0.2825,
		2.39,
		0,
		2.11,
		4.22,
		1.8275,
		3.9375,
		1.5475,
		3.6575,
		1.265,
		3.375,
		0.985,
		3.095,
		0.7025,
		2.8125,
		0.4225,
		2.5325,
		0.14,
		2.25,
		4.36,
		1.97,
		4.0775,
		1.6875,
		3.7975,
		1.4075,
		3.515,
		1.125,
		3.235,
		0.845,
		2.9525,
		0.5625,
		2.6725,
		0.2825,
		2.39	],
	"ImageOrientationPatientDICOM": [
		1,
		4.37797e-06,
		2.56737e-05,
		1.03909e-08,
		0.985703,
		-0.16849	],
	"InPlanePhaseEncodingDirectionDICOM": "COL",
	"ConversionSoftware": "dcm2niix",
	"ConversionSoftwareVersion": "v1.0.20171215 (OpenJPEG build) GCC7.3.0"
}
