{
	"Modality": "MR",
	"MagneticFieldStrength": 3,
	"Manufacturer": "Siemens",
	"ManufacturersModelName": "Skyra",
	"InstitutionName": "UC_Davis",
	"InstitutionalDepartmentName": "Department",
	"InstitutionAddress": "Da_Vinci_Court_1629_Davis_San_Francisco_Service_US_95618",
	"DeviceSerialNumber": "45105",
	"StationName": "AWP45105",
	"BodyPartExamined": "HEAD",
	"PatientPosition": "HFS",
	"ProcedureStepDescription": "CorinaLab_SIT",
	"SoftwareVersions": "syngo_MR_E11",
	"MRAcquisitionType": "2D",
	"SeriesDescription": "nki_soft_mb2_b1000_67dir_P>>A",
	"ProtocolName": "nki_soft_mb2_b1000_67dir_P>>A",
	"ScanningSequence": "EP",
	"SequenceVariant": "SK_SS",
	"ScanOptions": "PFP_FS",
	"SequenceName": "ep_b5#1",
	"ImageType": ["ORIGINAL", "PRIMARY", "DIFFUSION", "NONE", "MB", "ND", "MOSAIC"],
	"SeriesNumber": 10,
	"AcquisitionTime": "11:13:57.547500",
	"AcquisitionNumber": 1,
	"ImageComments": "Unaliased_MB2_PE2_LB",
	"ConversionComments": "y",
	"SliceThickness": 2,
	"SpacingBetweenSlices": 2,
	"SAR": 0.108512,
	"EchoTime": 0.084,
	"RepetitionTime": 4.52,
	"FlipAngle": 90,
	"PartialFourier": 0.75,
	"BaseResolution": 106,
	"ShimSetting": [
		-1163,
		11954,
		10215,
		265,
		845,
		-170,
		-111,
		619	],
	"TxRefAmp": 339.139,
	"PhaseResolution": 1,
	"ReceiveCoilName": "Head_32",
	"ReceiveCoilActiveElements": "HEA;HEP",
	"PulseSequenceDetails": "%CustomerSeq%_cmrr_mbep2d_diff",
	"ConsistencyInfo": "N4_VE11C_LATEST_20160120",
	"MultibandAccelerationFactor": 2,
	"PercentPhaseFOV": 100,
	"EchoTrainLength": 80,
	"PhaseEncodingSteps": 80,
	"AcquisitionMatrixPE": 106,
	"ReconMatrixPE": 106,
	"BandwidthPerPixelPhaseEncode": 13.672,
	"EffectiveEchoSpacing": 0.000690021,
	"DerivedVendorReportedEchoSpacing": 0.000690021,
	"TotalReadoutTime": 0.0724522,
	"PixelBandwidth": 1815,
	"DwellTime": 2.6e-06,
	"PhaseEncodingDirection": "j",
	"SliceTiming": [
		0,
		2.1075,
		4.2175,
		1.8275,
		3.9375,
		1.545,
		3.655,
		1.265,
		3.375,
		0.9825,
		3.0925,
		0.7025,
		2.8125,
		0.42,
		2.53,
		0.14,
		2.25,
		4.3575,
		1.9675,
		4.0775,
		1.6875,
		3.795,
		1.405,
		3.515,
		1.125,
		3.2325,
		0.8425,
		2.9525,
		0.5625,
		2.67,
		0.28,
		2.39,
		0,
		2.1075,
		4.2175,
		1.8275,
		3.9375,
		1.545,
		3.655,
		1.265,
		3.375,
		0.9825,
		3.0925,
		0.7025,
		2.8125,
		0.42,
		2.53,
		0.14,
		2.25,
		4.3575,
		1.9675,
		4.0775,
		1.6875,
		3.795,
		1.405,
		3.515,
		1.125,
		3.2325,
		0.8425,
		2.9525,
		0.5625,
		2.67,
		0.28,
		2.39	],
	"ImageOrientationPatientDICOM": [
		1,
		1.25863e-05,
		9.53652e-05,
		-3.06453e-08,
		0.991444,
		-0.13053	],
	"InPlanePhaseEncodingDirectionDICOM": "COL",
	"ConversionSoftware": "dcm2niix",
	"ConversionSoftwareVersion": "v1.0.20171215 (OpenJPEG build) GCC7.3.0"
}
