{
	"Modality": "MR",
	"MagneticFieldStrength": 3,
	"Manufacturer": "Siemens",
	"ManufacturersModelName": "Skyra",
	"InstitutionName": "UC_Davis",
	"InstitutionalDepartmentName": "Department",
	"InstitutionAddress": "Da_Vinci_Court_1629_Davis_San_Francisco_Service_US_95618",
	"DeviceSerialNumber": "45105",
	"StationName": "AWP45105",
	"BodyPartExamined": "BRAIN",
	"PatientPosition": "HFS",
	"ProcedureStepDescription": "CorinaLab_SIT",
	"SoftwareVersions": "syngo_MR_E11",
	"MRAcquisitionType": "2D",
	"SeriesDescription": "nki_soft_mb2_b1000_67dir_P>>A",
	"ProtocolName": "nki_soft_mb2_b1000_67dir_P>>A",
	"ScanningSequence": "EP",
	"SequenceVariant": "SK_SS",
	"ScanOptions": "PFP_FS",
	"SequenceName": "ep_b5#1",
	"ImageType": ["ORIGINAL", "PRIMARY", "DIFFUSION", "NONE", "MB", "ND", "MOSAIC"],
	"SeriesNumber": 9,
	"AcquisitionTime": "13:54:23.612500",
	"AcquisitionNumber": 1,
	"ImageComments": "Unaliased_MB2_PE2_LB",
	"ConversionComments": "y",
	"SliceThickness": 2,
	"SpacingBetweenSlices": 2,
	"SAR": 0.0968039,
	"EchoTime": 0.084,
	"RepetitionTime": 4.52,
	"FlipAngle": 90,
	"PartialFourier": 0.75,
	"BaseResolution": 106,
	"ShimSetting": [
		-1126,
		11934,
		10269,
		401,
		898,
		-92,
		268,
		540	],
	"TxRefAmp": 317.511,
	"PhaseResolution": 1,
	"ReceiveCoilName": "Head_32",
	"ReceiveCoilActiveElements": "HEA;HEP",
	"PulseSequenceDetails": "%CustomerSeq%_cmrr_mbep2d_diff",
	"ConsistencyInfo": "N4_VE11C_LATEST_20160120",
	"MultibandAccelerationFactor": 2,
	"PercentPhaseFOV": 100,
	"EchoTrainLength": 80,
	"PhaseEncodingSteps": 80,
	"AcquisitionMatrixPE": 106,
	"ReconMatrixPE": 106,
	"BandwidthPerPixelPhaseEncode": 13.672,
	"EffectiveEchoSpacing": 0.000690021,
	"DerivedVendorReportedEchoSpacing": 0.000690021,
	"TotalReadoutTime": 0.0724522,
	"PixelBandwidth": 1815,
	"DwellTime": 2.6e-06,
	"PhaseEncodingDirection": "j",
	"SliceTiming": [
		0,
		2.11,
		4.22,
		1.83,
		3.9375,
		1.5475,
		3.6575,
		1.2675,
		3.375,
		0.985,
		3.095,
		0.705,
		2.8125,
		0.4225,
		2.5325,
		0.1425,
		2.25,
		4.36,
		1.97,
		4.08,
		1.6875,
		3.7975,
		1.4075,
		3.5175,
		1.125,
		3.235,
		0.845,
		2.955,
		0.5625,
		2.6725,
		0.2825,
		2.3925,
		0,
		2.11,
		4.22,
		1.83,
		3.9375,
		1.5475,
		3.6575,
		1.2675,
		3.375,
		0.985,
		3.095,
		0.705,
		2.8125,
		0.4225,
		2.5325,
		0.1425,
		2.25,
		4.36,
		1.97,
		4.08,
		1.6875,
		3.7975,
		1.4075,
		3.5175,
		1.125,
		3.235,
		0.845,
		2.955,
		0.5625,
		2.6725,
		0.2825,
		2.3925	],
	"ImageOrientationPatientDICOM": [
		1,
		1.14998e-05,
		9.54968e-05,
		5.6585e-08,
		0.992757,
		-0.120141	],
	"InPlanePhaseEncodingDirectionDICOM": "COL",
	"ConversionSoftware": "dcm2niix",
	"ConversionSoftwareVersion": "v1.0.20171215 (OpenJPEG build) GCC7.3.0"
}
