{
	"Modality": "MR",
	"MagneticFieldStrength": 3,
	"ImagingFrequency": 123.242,
	"Manufacturer": "Siemens",
	"ManufacturersModelName": "Skyra",
	"InstitutionName": "UC_Davis",
	"InstitutionalDepartmentName": "Department",
	"InstitutionAddress": "Da_Vinci_Court_1629_Davis_San_Francisco_Service_US_95618",
	"DeviceSerialNumber": "45105",
	"StationName": "AWP45105",
	"BodyPartExamined": "BRAIN",
	"PatientPosition": "HFS",
	"ProcedureStepDescription": "CorinaLab_SIT",
	"SoftwareVersions": "syngo_MR_E11",
	"MRAcquisitionType": "3D",
	"SeriesDescription": "Sag-MPRAGE-Mg-0.95ul",
	"ProtocolName": "Sag-MPRAGE-Mg-0.95ul",
	"ScanningSequence": "GR_IR",
	"SequenceVariant": "SK_SP_MP",
	"ScanOptions": "IR_PFP_WE",
	"SequenceName": "_tfl3d1_16",
	"ImageType": ["ORIGINAL", "PRIMARY", "M", "ND"],
	"SeriesNumber": 3,
	"AcquisitionTime": "11:12:0.602500",
	"AcquisitionNumber": 1,
	"SliceThickness": 0.95,
	"SAR": 0.0290252,
	"EchoTime": 0.00444,
	"RepetitionTime": 2.5,
	"InversionTime": 1.1,
	"FlipAngle": 7,
	"PartialFourier": 0.875,
	"BaseResolution": 256,
	"ShimSetting": [
		-1085,
		11835,
		10168,
		53,
		906,
		-233,
		88,
		421	],
	"TxRefAmp": 358.769,
	"PhaseResolution": 1,
	"ReceiveCoilName": "Head_32",
	"ReceiveCoilActiveElements": "HEA;HEP",
	"PulseSequenceDetails": "%SiemensSeq%_tfl",
	"RefLinesPE": 24,
	"ConsistencyInfo": "N4_VE11C_LATEST_20160120",
	"PercentPhaseFOV": 100,
	"PhaseEncodingSteps": 223,
	"AcquisitionMatrixPE": 256,
	"ReconMatrixPE": 256,
	"ParallelReductionFactorInPlane": 2,
	"PixelBandwidth": 160,
	"DwellTime": 1.22e-05,
	"ImageOrientationPatientDICOM": [
		0,
		1,
		0,
		0,
		0,
		-1	],
	"InPlanePhaseEncodingDirectionDICOM": "ROW",
	"ConversionSoftware": "dcm2niix",
	"ConversionSoftwareVersion": "v1.0.20190902"
}
